PATH
  remote: .
  specs:
    ALD (0.0.1)
      net-http-digest_auth (~> 1.4)
      nokogiri (~> 1.6)
      rubyzip (~> 1.1)
      semantic (~> 1.3)

GEM
  remote: https://rubygems.org/
  specs:
    addressable (2.3.6)
    coveralls (0.7.0)
      multi_json (~> 1.3)
      rest-client
      simplecov (>= 0.7)
      term-ansicolor
      thor
    crack (0.4.2)
      safe_yaml (~> 1.0.0)
    docile (1.1.3)
    json (1.8.1)
    mime-types (2.2)
    mini_portile (0.5.3)
    multi_json (1.9.2)
    net-http-digest_auth (1.4)
    nokogiri (1.6.1)
      mini_portile (~> 0.5.0)
    rake (10.2.2)
    rdoc (4.1.1)
      json (~> 1.4)
    rest-client (1.6.7)
      mime-types (>= 1.16)
    rubyzip (1.1.2)
    safe_yaml (1.0.1)
    semantic (1.3.0)
    simplecov (0.8.2)
      docile (~> 1.1.0)
      multi_json
      simplecov-html (~> 0.8.0)
    simplecov-html (0.8.0)
    term-ansicolor (1.3.0)
      tins (~> 1.0)
    thor (0.19.1)
    tins (1.0.1)
    webmock (1.17.4)
      addressable (>= 2.2.7)
      crack (>= 0.3.2)

PLATFORMS
  ruby

DEPENDENCIES
  ALD!
  coveralls
  rake
  rdoc
  webmock (~> 1.17)
