PATH
  remote: .
  specs:
    ALD (0.0.1)
      nokogiri (~> 1.6)
      rubyzip (~> 1.1)

GEM
  remote: https://rubygems.org/
  specs:
    coveralls (0.7.0)
      multi_json (~> 1.3)
      rest-client
      simplecov (>= 0.7)
      term-ansicolor
      thor
    mime-types (1.25)
    mini_portile (0.5.2)
    multi_json (1.8.1)
    nokogiri (1.6.1)
      mini_portile (~> 0.5.0)
    rake (10.1.0)
    rest-client (1.6.7)
      mime-types (>= 1.16)
    rubyzip (1.1.1)
    simplecov (0.7.1)
      multi_json (~> 1.0)
      simplecov-html (~> 0.7.1)
    simplecov-html (0.7.1)
    term-ansicolor (1.2.2)
      tins (~> 0.8)
    thor (0.18.1)
    tins (0.12.0)

PLATFORMS
  ruby

DEPENDENCIES
  ALD!
  coveralls
  rake
